GEM
  remote: http://rubygems.org/
  remote: http://gems.github.com/
  specs:
    capistrano (3.2.1)
      i18n
      rake (>= 10.0.0)
      sshkit (~> 1.3)
    cinch (2.1.0)
    coderay (1.1.0)
    colorize (0.7.3)
    curb (0.8.5)
    i18n (0.6.9)
    method_source (0.8.2)
    mysql2 (0.3.16)
    net-scp (1.2.1)
      net-ssh (>= 2.6.5)
    net-ssh (2.9.1)
    pry (0.9.12.6)
      coderay (~> 1.0)
      method_source (~> 0.8)
      slop (~> 3.4)
    rake (10.0.4)
    sequel (4.10.0)
    slop (3.5.0)
    sshkit (1.5.1)
      colorize
      net-scp (>= 1.1.2)
      net-ssh (>= 2.8.0)

PLATFORMS
  ruby

DEPENDENCIES
  capistrano
  cinch
  curb
  mysql2
  pry
  rake (~> 10.0.0)
  sequel
