GEM
  remote: http://rubygems.org/
  remote: http://gems.github.com/
  specs:
    addressable (2.4.0)
    capistrano (3.4.0)
      i18n
      rake (>= 10.0.0)
      sshkit (~> 1.3)
    capistrano-bundler (1.1.4)
      capistrano (~> 3.1)
      sshkit (~> 1.2)
    capistrano-rvm (0.1.2)
      capistrano (~> 3.0)
      sshkit (~> 1.2)
    cinch (2.3.1)
    cinch-test (0.1.1)
      cinch (~> 2)
    cld (0.7.0)
      ffi
    coderay (1.1.0)
    crack (0.4.3)
      safe_yaml (~> 1.0.0)
    curb (0.9.1)
    dalli (2.7.5)
    diff-lcs (1.2.5)
    ffi (1.9.10)
    filesize (0.1.1)
    hashdiff (0.2.3)
    highline (1.7.8)
    i18n (0.7.0)
    megahal (1.0.4)
      cld (~> 0.7)
      highline (~> 1.7)
      ruby-progressbar (~> 1.7)
      rubyzip (~> 1.1)
      sooth (~> 1.0)
    method_source (0.8.2)
    mini_portile2 (2.0.0)
    mysql2 (0.4.2)
    net-scp (1.2.1)
      net-ssh (>= 2.6.5)
    net-ssh (3.0.2)
    nokogiri (1.6.7.2)
      mini_portile2 (~> 2.0.0.rc2)
    pry (0.10.3)
      coderay (~> 1.1.0)
      method_source (~> 0.8.1)
      slop (~> 3.4)
    pry-nav (0.2.4)
      pry (>= 0.9.10, < 0.11.0)
    rake (10.0.4)
    rspec (3.4.0)
      rspec-core (~> 3.4.0)
      rspec-expectations (~> 3.4.0)
      rspec-mocks (~> 3.4.0)
    rspec-core (3.4.2)
      rspec-support (~> 3.4.0)
    rspec-expectations (3.4.0)
      diff-lcs (>= 1.2.0, < 2.0)
      rspec-support (~> 3.4.0)
    rspec-mocks (3.4.1)
      diff-lcs (>= 1.2.0, < 2.0)
      rspec-support (~> 3.4.0)
    rspec-support (3.4.1)
    ruby-progressbar (1.7.5)
    rubyzip (1.1.7)
    safe_yaml (1.0.4)
    sequel (4.31.0)
    slop (3.6.0)
    sooth (1.0.3)
    sshkit (1.8.1)
      net-scp (>= 1.1.2)
      net-ssh (>= 2.8.0)
    webmock (1.22.6)
      addressable (>= 2.3.6)
      crack (>= 0.3.2)
      hashdiff

PLATFORMS
  ruby

DEPENDENCIES
  capistrano
  capistrano-bundler
  capistrano-rvm
  cinch
  cinch-test
  curb
  dalli
  filesize
  megahal
  mysql2
  nokogiri
  pry
  pry-nav
  rake (~> 10.0.0)
  rspec
  sequel
  webmock

BUNDLED WITH
   1.11.2
