GEM
  remote: http://rubygems.org/
  remote: http://gems.github.com/
  specs:
    capistrano (3.2.1)
      i18n
      rake (>= 10.0.0)
      sshkit (~> 1.3)
    capistrano-bundler (1.1.2)
      capistrano (~> 3.0)
      sshkit (~> 1.2)
    capistrano-rvm (0.1.1)
      capistrano (~> 3.0)
      sshkit (~> 1.2)
    cinch (2.1.0)
    cinch-test (0.1.1)
      cinch (~> 2)
    cld (0.7.0)
      ffi
    coderay (1.1.0)
    colorize (0.7.3)
    curb (0.8.5)
    diff-lcs (1.2.5)
    ffi (1.9.6)
    filesize (0.0.3)
    highline (1.6.21)
    i18n (0.6.9)
    megahal (1.0.1)
      cld (~> 0.7)
      highline (~> 1.6)
      ruby-progressbar (~> 1.7)
      rubyzip (~> 1.1)
      sooth (~> 1.0)
    method_source (0.8.2)
    mysql2 (0.3.16)
    net-scp (1.2.1)
      net-ssh (>= 2.6.5)
    net-ssh (2.9.1)
    pry (0.9.12.6)
      coderay (~> 1.0)
      method_source (~> 0.8)
      slop (~> 3.4)
    pry-nav (0.2.4)
      pry (>= 0.9.10, < 0.11.0)
    rake (10.0.4)
    rspec (3.1.0)
      rspec-core (~> 3.1.0)
      rspec-expectations (~> 3.1.0)
      rspec-mocks (~> 3.1.0)
    rspec-core (3.1.7)
      rspec-support (~> 3.1.0)
    rspec-expectations (3.1.2)
      diff-lcs (>= 1.2.0, < 2.0)
      rspec-support (~> 3.1.0)
    rspec-mocks (3.1.3)
      rspec-support (~> 3.1.0)
    rspec-support (3.1.2)
    ruby-progressbar (1.7.1)
    rubyzip (1.1.6)
    sequel (4.10.0)
    slop (3.5.0)
    sooth (1.0.0)
    sshkit (1.5.1)
      colorize
      net-scp (>= 1.1.2)
      net-ssh (>= 2.8.0)

PLATFORMS
  ruby

DEPENDENCIES
  capistrano
  capistrano-bundler
  capistrano-rvm
  cinch
  cinch-test
  curb
  filesize
  megahal
  mysql2
  pry
  pry-nav
  rake (~> 10.0.0)
  rspec
  sequel
