GEM
  remote: http://rubygems.org/
  remote: http://gems.github.com/
  specs:
    addressable (2.3.7)
    capistrano (3.3.5)
      capistrano-stats (~> 1.1.0)
      i18n
      rake (>= 10.0.0)
      sshkit (~> 1.3)
    capistrano-bundler (1.1.4)
      capistrano (~> 3.1)
      sshkit (~> 1.2)
    capistrano-rvm (0.1.2)
      capistrano (~> 3.0)
      sshkit (~> 1.2)
    capistrano-stats (1.1.1)
    cinch (2.2.3)
    cinch-test (0.1.1)
      cinch (~> 2)
    cld (0.7.0)
      ffi
    coderay (1.1.0)
    colorize (0.7.5)
    crack (0.4.2)
      safe_yaml (~> 1.0.0)
    curb (0.8.6)
    dalli (2.7.4)
    diff-lcs (1.2.5)
    ffi (1.9.6)
    filesize (0.0.4)
    highline (1.6.21)
    i18n (0.7.0)
    megahal (1.0.1)
      cld (~> 0.7)
      highline (~> 1.6)
      ruby-progressbar (~> 1.7)
      rubyzip (~> 1.1)
      sooth (~> 1.0)
    method_source (0.8.2)
    mini_portile (0.6.2)
    mysql2 (0.3.17)
    net-scp (1.2.1)
      net-ssh (>= 2.6.5)
    net-ssh (2.9.2)
    nokogiri (1.6.6.2)
      mini_portile (~> 0.6.0)
    pry (0.10.1)
      coderay (~> 1.1.0)
      method_source (~> 0.8.1)
      slop (~> 3.4)
    pry-nav (0.2.4)
      pry (>= 0.9.10, < 0.11.0)
    rake (10.0.4)
    rspec (3.2.0)
      rspec-core (~> 3.2.0)
      rspec-expectations (~> 3.2.0)
      rspec-mocks (~> 3.2.0)
    rspec-core (3.2.0)
      rspec-support (~> 3.2.0)
    rspec-expectations (3.2.0)
      diff-lcs (>= 1.2.0, < 2.0)
      rspec-support (~> 3.2.0)
    rspec-mocks (3.2.0)
      diff-lcs (>= 1.2.0, < 2.0)
      rspec-support (~> 3.2.0)
    rspec-support (3.2.1)
    ruby-progressbar (1.7.1)
    rubyzip (1.1.7)
    safe_yaml (1.0.4)
    sequel (4.19.0)
    slop (3.6.0)
    sooth (1.0.0)
    sshkit (1.6.1)
      colorize (>= 0.7.0)
      net-scp (>= 1.1.2)
      net-ssh (>= 2.8.0)
    webmock (1.20.4)
      addressable (>= 2.3.6)
      crack (>= 0.3.2)

PLATFORMS
  ruby

DEPENDENCIES
  capistrano
  capistrano-bundler
  capistrano-rvm
  cinch
  cinch-test
  curb
  dalli
  filesize
  megahal
  mysql2
  nokogiri
  pry
  pry-nav
  rake (~> 10.0.0)
  rspec
  sequel
  webmock

BUNDLED WITH
   1.10.4
