GEM
  remote: http://rubygems.org/
  remote: http://gems.github.com/
  specs:
    cinch (2.1.0)
    rake (10.0.4)

PLATFORMS
  ruby

DEPENDENCIES
  cinch
  rake (~> 10.0.0)
